GEM
  remote: https://rubygems.org/
  specs:
    async (2.0.0)
      console (~> 1.10)
      io-event (~> 1.0.0)
      timers (~> 4.1)
    console (1.14.0)
      fiber-local
    fiber-local (1.0.0)
    io-event (1.0.1)
    pg (1.2.3)
    redis (4.5.1)
    sequel (5.51.0)
    timers (4.3.3)

PLATFORMS
  x86_64-darwin-20

DEPENDENCIES
  async
  pg
  redis
  sequel

BUNDLED WITH
   2.3.3
